PATH
  remote: .
  specs:
    api_documenter (0.1.0)

GEM
  remote: https://rubygems.org/
  specs:
    sqlite3 (1.3.13)

PLATFORMS
  ruby

DEPENDENCIES
  api_documenter!
  sqlite3

BUNDLED WITH
   1.16.3
